GEM
  remote: https://rubygems.org/
  specs:
    sugarcube (0.20.11)

PLATFORMS
  ruby

DEPENDENCIES
  sugarcube
